STORAGE: NONE
RESTRICTION: || (== net5.0) (== netstandard2.0) (== netstandard2.1)
NUGET
  remote: https://api.nuget.org/v3/index.json
    Confluent.Kafka (1.7)
      librdkafka.redist (>= 1.7)
      System.Memory (>= 4.5)
    dotenv.net (3.1)
      System.Memory (>= 4.5.4)
    FSharp.Core (5.0.2)
    FsKafka (1.7)
      Confluent.Kafka (1.7)
      FSharp.Core (>= 4.3.4)
      librdkafka.redist (1.7)
      Newtonsoft.Json (>= 11.0.2)
      Serilog (>= 2.7.1)
    librdkafka.redist (1.7)
    Microsoft.Bcl.AsyncInterfaces (6.0.0-rc.1.21451.13) - restriction: || (&& (== net5.0) (>= net461)) (&& (== net5.0) (< netcoreapp3.1)) (== netstandard2.0) (== netstandard2.1)
      System.Threading.Tasks.Extensions (>= 4.5.4) - restriction: || (&& (== net5.0) (>= net461)) (&& (== net5.0) (< netstandard2.1)) (== netstandard2.0) (&& (== netstandard2.1) (>= net461))
    Microsoft.Extensions.Configuration (6.0.0-rc.1.21451.13)
      Microsoft.Extensions.Configuration.Abstractions (>= 6.0.0-rc.1.21451.13)
      Microsoft.Extensions.Primitives (>= 6.0.0-rc.1.21451.13)
    Microsoft.Extensions.Configuration.Abstractions (6.0.0-rc.1.21451.13)
      Microsoft.Extensions.Primitives (>= 6.0.0-rc.1.21451.13)
    Microsoft.Extensions.Configuration.FileExtensions (6.0.0-rc.1.21451.13)
      Microsoft.Extensions.Configuration (>= 6.0.0-rc.1.21451.13)
      Microsoft.Extensions.Configuration.Abstractions (>= 6.0.0-rc.1.21451.13)
      Microsoft.Extensions.FileProviders.Abstractions (>= 6.0.0-rc.1.21451.13)
      Microsoft.Extensions.FileProviders.Physical (>= 6.0.0-rc.1.21451.13)
      Microsoft.Extensions.Primitives (>= 6.0.0-rc.1.21451.13)
    Microsoft.Extensions.Configuration.json (6.0.0-rc.1.21451.13)
      Microsoft.Extensions.Configuration (>= 6.0.0-rc.1.21451.13)
      Microsoft.Extensions.Configuration.Abstractions (>= 6.0.0-rc.1.21451.13)
      Microsoft.Extensions.Configuration.FileExtensions (>= 6.0.0-rc.1.21451.13)
      Microsoft.Extensions.FileProviders.Abstractions (>= 6.0.0-rc.1.21451.13)
      System.Memory (>= 4.5.4) - restriction: || (&& (== net5.0) (>= net461)) (&& (== net5.0) (< netstandard2.1)) (== netstandard2.0) (&& (== netstandard2.1) (>= net461))
      System.Text.Json (>= 6.0.0-rc.1.21451.13)
    Microsoft.Extensions.FileProviders.Abstractions (6.0.0-rc.1.21451.13)
      Microsoft.Extensions.Primitives (>= 6.0.0-rc.1.21451.13)
    Microsoft.Extensions.FileProviders.Physical (6.0.0-rc.1.21451.13)
      Microsoft.Extensions.FileProviders.Abstractions (>= 6.0.0-rc.1.21451.13)
      Microsoft.Extensions.FileSystemGlobbing (>= 6.0.0-rc.1.21451.13)
      Microsoft.Extensions.Primitives (>= 6.0.0-rc.1.21451.13)
    Microsoft.Extensions.FileSystemGlobbing (6.0.0-rc.1.21451.13)
    Microsoft.Extensions.Primitives (6.0.0-rc.1.21451.13)
      System.Memory (>= 4.5.4) - restriction: || (&& (== net5.0) (>= net461)) (&& (== net5.0) (< netcoreapp3.1)) (== netstandard2.0) (== netstandard2.1)
      System.Runtime.CompilerServices.Unsafe (>= 6.0.0-rc.1.21451.13)
    Newtonsoft.Json (13.0.1)
    Serilog (2.10)
    Serilog.Sinks.Console (4.0)
      Serilog (>= 2.10)
    Suave (2.6.1)
      FSharp.Core  - restriction: || (== net5.0) (&& (== netstandard2.0) (>= netstandard2.1)) (== netstandard2.1)
    System.Buffers (4.5.1) - restriction: || (&& (== net5.0) (>= net461)) (&& (== net5.0) (< netcoreapp3.1)) (== netstandard2.0) (== netstandard2.1)
    System.Memory (4.5.4)
      System.Buffers (>= 4.5.1) - restriction: || (&& (== net5.0) (>= monotouch)) (&& (== net5.0) (>= net461)) (&& (== net5.0) (< netcoreapp2.0)) (&& (== net5.0) (< netstandard1.1)) (&& (== net5.0) (< netstandard2.0)) (&& (== net5.0) (>= xamarinios)) (&& (== net5.0) (>= xamarinmac)) (&& (== net5.0) (>= xamarintvos)) (&& (== net5.0) (>= xamarinwatchos)) (== netstandard2.0) (== netstandard2.1)
      System.Numerics.Vectors (>= 4.4) - restriction: || (&& (== net5.0) (< netcoreapp2.0)) (== netstandard2.0) (== netstandard2.1)
      System.Runtime.CompilerServices.Unsafe (>= 4.5.3) - restriction: || (&& (== net5.0) (>= monotouch)) (&& (== net5.0) (>= net461)) (&& (== net5.0) (< netcoreapp2.0)) (&& (== net5.0) (< netcoreapp2.1)) (&& (== net5.0) (< netstandard1.1)) (&& (== net5.0) (< netstandard2.0)) (&& (== net5.0) (>= uap10.1)) (&& (== net5.0) (>= xamarinios)) (&& (== net5.0) (>= xamarinmac)) (&& (== net5.0) (>= xamarintvos)) (&& (== net5.0) (>= xamarinwatchos)) (== netstandard2.0) (== netstandard2.1)
    System.Numerics.Vectors (4.5) - restriction: || (&& (== net5.0) (>= net461)) (&& (== net5.0) (< netcoreapp3.1)) (== netstandard2.0) (== netstandard2.1)
    System.Runtime.CompilerServices.Unsafe (6.0.0-rc.1.21451.13)
    System.Text.Encodings.Web (6.0.0-rc.1.21451.13)
      System.Buffers (>= 4.5.1) - restriction: || (&& (== net5.0) (>= net461)) (&& (== net5.0) (< netcoreapp3.1)) (== netstandard2.0) (== netstandard2.1)
      System.Memory (>= 4.5.4) - restriction: || (&& (== net5.0) (>= net461)) (&& (== net5.0) (< netcoreapp3.1)) (== netstandard2.0) (== netstandard2.1)
      System.Runtime.CompilerServices.Unsafe (>= 6.0.0-rc.1.21451.13)
    System.Text.Json (6.0.0-rc.1.21451.13)
      Microsoft.Bcl.AsyncInterfaces (>= 6.0.0-rc.1.21451.13) - restriction: || (&& (== net5.0) (>= net461)) (&& (== net5.0) (< netcoreapp3.1)) (== netstandard2.0) (== netstandard2.1)
      System.Buffers (>= 4.5.1) - restriction: || (&& (== net5.0) (>= net461)) (&& (== net5.0) (< netcoreapp3.1)) (== netstandard2.0) (== netstandard2.1)
      System.Memory (>= 4.5.4) - restriction: || (&& (== net5.0) (>= net461)) (&& (== net5.0) (< netcoreapp3.1)) (== netstandard2.0) (== netstandard2.1)
      System.Numerics.Vectors (>= 4.5) - restriction: || (&& (== net5.0) (>= net461)) (&& (== net5.0) (< netcoreapp3.1)) (== netstandard2.0) (== netstandard2.1)
      System.Runtime.CompilerServices.Unsafe (>= 6.0.0-rc.1.21451.13)
      System.Text.Encodings.Web (>= 6.0.0-rc.1.21451.13)
      System.Threading.Tasks.Extensions (>= 4.5.4) - restriction: || (&& (== net5.0) (>= net461)) (&& (== net5.0) (< netcoreapp3.1)) (== netstandard2.0) (== netstandard2.1)
    System.Threading.Tasks.Extensions (4.5.4) - restriction: || (&& (== net5.0) (>= net461)) (&& (== net5.0) (< netcoreapp3.1)) (&& (== net5.0) (< netstandard2.1)) (== netstandard2.0) (== netstandard2.1)
      System.Runtime.CompilerServices.Unsafe (>= 4.5.3) - restriction: || (&& (== net5.0) (>= net461)) (&& (== net5.0) (< netcoreapp2.1)) (&& (== net5.0) (< netstandard1.0)) (&& (== net5.0) (< netstandard2.0)) (&& (== net5.0) (>= wp8)) (== netstandard2.0) (== netstandard2.1)
GIT
  remote: https://github.com/fi-project/daruk.git
     (71c6e9256ddfa56d02118691789152d93362ecbf)